GEM
  remote: http://rubygems.org/
  specs:
    activerecord (2.3.14)
      activesupport (= 2.3.14)
    activesupport (2.3.14)
    git (1.2.5)
    jeweler (1.5.1)
      bundler (~> 1.0.0)
      git (>= 1.2.5)
      rake
    mocha (0.9.8)
      rake
    rake (0.8.7)

PLATFORMS
  ruby

DEPENDENCIES
  activerecord (~> 2.3.11)
  bundler (~> 1.0.0)
  jeweler (~> 1.5.1)
  mocha (~> 0.9.8)
